PATH
  remote: .
  specs:
    rxhp (0.2.1)

GEM
  remote: http://rubygems.org/
  specs:
    byebug (9.0.5)
    coderay (1.1.1)
    diff-lcs (1.1.3)
    github-markup (0.7.0)
    method_source (0.8.2)
    multi_json (1.0.4)
    pry (0.10.3)
      coderay (~> 1.1.0)
      method_source (~> 0.8.1)
      slop (~> 3.4)
    pry-byebug (3.4.0)
      byebug (~> 9.0)
      pry (~> 0.10)
    rake (0.9.2.2)
    redcarpet (1.17.2)
    rspec (2.8.0)
      rspec-core (~> 2.8.0)
      rspec-expectations (~> 2.8.0)
      rspec-mocks (~> 2.8.0)
    rspec-core (2.8.0)
    rspec-expectations (2.8.0)
      diff-lcs (~> 1.1.2)
    rspec-mocks (2.8.0)
    simplecov (0.5.4)
      multi_json (~> 1.0.3)
      simplecov-html (~> 0.5.3)
    simplecov-html (0.5.3)
    slop (3.6.0)
    yard (0.7.4)

PLATFORMS
  ruby

DEPENDENCIES
  github-markup (~> 0.7.0)
  pry
  pry-byebug
  rake (~> 0.8)
  redcarpet (~> 1.0, >= 1.17.2)
  rspec (~> 2.8.0)
  rxhp!
  simplecov (~> 0.5.4)
  yard (~> 0.7, >= 0.7.4)

BUNDLED WITH
   1.12.5
